GEM
  remote: https://rubygems.org/
  specs:
    domain_name (0.5.20190701)
      unf (>= 0.0.5, < 1.0.0)
    dotenv (2.7.6)
    http-accept (1.7.0)
    http-cookie (1.0.3)
      domain_name (~> 0.5)
    json (2.2.0)
    mime-types (3.3)
      mime-types-data (~> 3.2015)
    mime-types-data (3.2019.1009)
    mustermann (1.0.3)
    netrc (0.11.0)
    rack (2.0.7)
    rack-protection (2.0.7)
      rack
    rest-client (2.1.0)
      http-accept (>= 1.7.0, < 2.0)
      http-cookie (>= 1.0.2, < 2.0)
      mime-types (>= 1.16, < 4.0)
      netrc (~> 0.8)
    sinatra (2.0.7)
      mustermann (~> 1.0)
      rack (~> 2.0)
      rack-protection (= 2.0.7)
      tilt (~> 2.0)
    tilt (2.0.10)
    unf (0.1.4)
      unf_ext
    unf_ext (0.0.7.6)

PLATFORMS
  ruby

DEPENDENCIES
  dotenv
  json
  rest-client
  sinatra

BUNDLED WITH
   1.17.3
